GEM
  remote: https://rubygems.org/
  specs:
    teyu (0.2.0)

PLATFORMS
  ruby

DEPENDENCIES
  teyu

BUNDLED WITH
   2.0.2
